GEM
  remote: http://rubygems.org/
  specs:
    albino (1.3.3)
      posix-spawn (>= 0.3.6)
    chunky_png (1.2.5)
    classifier (1.3.3)
      fast-stemmer (>= 1.0.0)
    compass (0.11.6)
      chunky_png (~> 1.2)
      fssm (>= 0.2.7)
      sass (~> 3.1)
    compass-h5bp (0.0.1)
      compass
    directory_watcher (1.4.1)
    fast-stemmer (1.0.0)
    foreman (0.30.1)
      term-ansicolor (~> 1.0.5)
      thor (>= 0.13.6)
    fssm (0.2.7)
    html5-boilerplate (1.0.0)
      compass (>= 0.11.1)
    jekyll (0.11.0)
      albino (>= 1.3.2)
      classifier (>= 1.3.1)
      directory_watcher (>= 1.1.1)
      kramdown (>= 0.13.2)
      liquid (>= 1.9.0)
      maruku (>= 0.5.9)
    kramdown (0.13.4)
    liquid (2.3.0)
    maruku (0.6.0)
      syntax (>= 1.0.0)
    posix-spawn (0.3.6)
    rake (0.9.2.2)
    sass (3.1.12)
    syntax (1.0.0)
    term-ansicolor (1.0.7)
    thor (0.14.6)

PLATFORMS
  ruby

DEPENDENCIES
  compass (= 0.11.6)
  compass-h5bp (= 0.0.1)
  directory_watcher (= 1.4.1)
  foreman (= 0.30.1)
  html5-boilerplate (= 1.0.0)
  jekyll (= 0.11.0)
  rake (= 0.9.2.2)
  sass (= 3.1.12)
